GIT
  remote: https://github.com/scpr/photographic_memory.git
  revision: 1a77f00d4bf4524d20c616f4dfb776e6fe05f8d2
  specs:
    photographic_memory (0.0.1)
      aws-sdk (~> 2)
      mini_exiftool (~> 2.8.0)
      rack (~> 2.0.3)

GIT
  remote: https://github.com/sinatra/sinatra.git
  revision: 34521720b6028c2fa696cf85109345a89f306c99
  ref: 34521720b6028c2fa696cf85109345a89f306c99
  branch: master
  specs:
    rack-protection (2.0.0.rc2)
      rack
    sinatra (2.0.0.rc2)
      mustermann (~> 1.0)
      rack (~> 2.0)
      rack-protection (= 2.0.0.rc2)
      tilt (~> 2.0)

GEM
  remote: https://rubygems.org/
  specs:
    actioncable (5.0.7)
      actionpack (= 5.0.7)
      nio4r (>= 1.2, < 3.0)
      websocket-driver (~> 0.6.1)
    actionmailer (5.0.7)
      actionpack (= 5.0.7)
      actionview (= 5.0.7)
      activejob (= 5.0.7)
      mail (~> 2.5, >= 2.5.4)
      rails-dom-testing (~> 2.0)
    actionpack (5.0.7)
      actionview (= 5.0.7)
      activesupport (= 5.0.7)
      rack (~> 2.0)
      rack-test (~> 0.6.3)
      rails-dom-testing (~> 2.0)
      rails-html-sanitizer (~> 1.0, >= 1.0.2)
    actionview (5.0.7)
      activesupport (= 5.0.7)
      builder (~> 3.1)
      erubis (~> 2.7.0)
      rails-dom-testing (~> 2.0)
      rails-html-sanitizer (~> 1.0, >= 1.0.3)
    activejob (5.0.7)
      activesupport (= 5.0.7)
      globalid (>= 0.3.6)
    activemodel (5.0.7)
      activesupport (= 5.0.7)
    activerecord (5.0.7)
      activemodel (= 5.0.7)
      activesupport (= 5.0.7)
      arel (~> 7.0)
    activesupport (5.0.7)
      concurrent-ruby (~> 1.0, >= 1.0.2)
      i18n (>= 0.7, < 2)
      minitest (~> 5.1)
      tzinfo (~> 1.1)
    addressable (2.5.2)
      public_suffix (>= 2.0.2, < 4.0)
    arel (7.1.4)
    aws-sdk (2.11.50)
      aws-sdk-resources (= 2.11.50)
    aws-sdk-core (2.11.50)
      aws-sigv4 (~> 1.0)
      jmespath (~> 1.0)
    aws-sdk-resources (2.11.50)
      aws-sdk-core (= 2.11.50)
    aws-sigv4 (1.0.2)
    bcrypt (3.1.11)
    bindex (0.5.0)
    brightcove-api (1.0.18)
      httparty
      json
      multipart-post
      rest-client
    builder (3.2.3)
    byebug (10.0.2)
    capybara (2.18.0)
      addressable
      mini_mime (>= 0.1.3)
      nokogiri (>= 1.3.3)
      rack (>= 1.0.0)
      rack-test (>= 0.5.4)
      xpath (>= 2.0, < 4.0)
    climate_control (0.2.0)
    cocaine (0.5.8)
      climate_control (>= 0.0.3, < 1.0)
    concurrent-ruby (1.0.5)
    crass (1.0.4)
    declarative (0.0.10)
    declarative-option (0.1.0)
    diff-lcs (1.3)
    domain_name (0.5.20180417)
      unf (>= 0.0.5, < 1.0.0)
    dotenv (2.4.0)
    dotenv-rails (2.4.0)
      dotenv (= 2.4.0)
      railties (>= 3.2, < 6.0)
    elasticsearch (6.0.2)
      elasticsearch-api (= 6.0.2)
      elasticsearch-transport (= 6.0.2)
    elasticsearch-api (6.0.2)
      multi_json
    elasticsearch-transport (6.0.2)
      faraday
      multi_json
    ember-cli-rails (0.10.0)
      cocaine (~> 0.5.8)
      ember-cli-rails-assets (~> 0.6.2)
      html_page (~> 0.1.0)
      railties (>= 3.2)
    ember-cli-rails-assets (0.6.2)
    erubis (2.7.0)
    execjs (2.7.0)
    factory_girl (4.8.1)
      activesupport (>= 3.0.0)
    fakeweb (1.3.0)
    faraday (0.9.2)
      multipart-post (>= 1.2, < 3)
    faraday_middleware (0.9.2)
      faraday (>= 0.7.4, < 0.10)
    ffi (1.9.23)
    globalid (0.4.1)
      activesupport (>= 4.2.0)
    google-api-client (0.21.1)
      addressable (~> 2.5, >= 2.5.1)
      googleauth (>= 0.5, < 0.7.0)
      httpclient (>= 2.8.1, < 3.0)
      mime-types (~> 3.0)
      representable (~> 3.0)
      retriable (>= 2.0, < 4.0)
    googleauth (0.5.1)
      faraday (~> 0.9)
      jwt (~> 1.4)
      logging (~> 2.0)
      memoist (~> 0.12)
      multi_json (~> 1.11)
      os (~> 0.9)
      signet (~> 0.7)
    hashie (3.5.7)
    html_page (0.1.0)
    http-cookie (1.0.3)
      domain_name (~> 0.5)
    httparty (0.16.2)
      multi_xml (>= 0.5.2)
    httpclient (2.8.3)
    i18n (1.0.1)
      concurrent-ruby (~> 1.0)
    jbuilder (2.7.0)
      activesupport (>= 4.2.0)
      multi_json (>= 1.2)
    jmespath (1.4.0)
    json (2.1.0)
    jwt (1.5.6)
    kaminari (0.14.1)
      actionpack (>= 3.0.0)
      activesupport (>= 3.0.0)
    knock (2.1.1)
      bcrypt (~> 3.1)
      jwt (~> 1.5)
      rails (>= 4.2)
    launchy (2.4.3)
      addressable (~> 2.3)
    little-plugger (1.1.4)
    logging (2.2.2)
      little-plugger (~> 1.1)
      multi_json (~> 1.10)
    loofah (2.2.2)
      crass (~> 1.0.2)
      nokogiri (>= 1.5.9)
    mail (2.7.0)
      mini_mime (>= 0.1.1)
    memoist (0.16.0)
    method_source (0.9.0)
    mime-types (3.1)
      mime-types-data (~> 3.2015)
    mime-types-data (3.2016.0521)
    mimemagic (0.3.2)
    mini_exiftool (2.8.2)
    mini_mime (1.0.0)
    mini_portile2 (2.3.0)
    minitest (5.11.3)
    mono_logger (1.1.0)
    multi_json (1.13.1)
    multi_xml (0.6.0)
    multipart-post (2.0.0)
    mustermann (1.0.2)
    mysql2 (0.4.10)
    netrc (0.11.0)
    nio4r (2.3.1)
    nokogiri (1.8.2)
      mini_portile2 (~> 2.3.0)
    os (0.9.6)
    paperclip (5.2.1)
      activemodel (>= 4.2.0)
      activesupport (>= 4.2.0)
      cocaine (~> 0.5.5)
      mime-types
      mimemagic (~> 0.3.0)
    public_suffix (3.0.2)
    puma (3.11.4)
    rack (2.0.5)
    rack-test (0.6.3)
      rack (>= 1.0)
    rails (5.0.7)
      actioncable (= 5.0.7)
      actionmailer (= 5.0.7)
      actionpack (= 5.0.7)
      actionview (= 5.0.7)
      activejob (= 5.0.7)
      activemodel (= 5.0.7)
      activerecord (= 5.0.7)
      activesupport (= 5.0.7)
      bundler (>= 1.3.0)
      railties (= 5.0.7)
      sprockets-rails (>= 2.0.0)
    rails-controller-testing (1.0.2)
      actionpack (~> 5.x, >= 5.0.1)
      actionview (~> 5.x, >= 5.0.1)
      activesupport (~> 5.x)
    rails-dom-testing (2.0.3)
      activesupport (>= 4.2.0)
      nokogiri (>= 1.6)
    rails-html-sanitizer (1.0.4)
      loofah (~> 2.2, >= 2.2.2)
    railties (5.0.7)
      actionpack (= 5.0.7)
      activesupport (= 5.0.7)
      method_source
      rake (>= 0.8.7)
      thor (>= 0.18.1, < 2.0)
    rake (12.3.1)
    rb-fsevent (0.10.3)
    rb-inotify (0.9.10)
      ffi (>= 0.5.0, < 2)
    redis (4.0.1)
    redis-namespace (1.6.0)
      redis (>= 3.0.4)
    representable (3.0.4)
      declarative (< 0.1.0)
      declarative-option (< 0.2.0)
      uber (< 0.2.0)
    responders (2.3.0)
      railties (>= 4.2.0, < 5.1)
    resque (1.27.4)
      mono_logger (~> 1.0)
      multi_json (~> 1.0)
      redis-namespace (~> 1.3)
      sinatra (>= 0.9.2)
      vegas (~> 0.1.2)
    rest-client (2.0.2)
      http-cookie (>= 1.0.2, < 2.0)
      mime-types (>= 1.16, < 4.0)
      netrc (~> 0.8)
    retriable (3.1.1)
    rspec (3.7.0)
      rspec-core (~> 3.7.0)
      rspec-expectations (~> 3.7.0)
      rspec-mocks (~> 3.7.0)
    rspec-core (3.7.1)
      rspec-support (~> 3.7.0)
    rspec-expectations (3.7.0)
      diff-lcs (>= 1.2.0, < 2.0)
      rspec-support (~> 3.7.0)
    rspec-its (1.2.0)
      rspec-core (>= 3.0.0)
      rspec-expectations (>= 3.0.0)
    rspec-mocks (3.7.0)
      diff-lcs (>= 1.2.0, < 2.0)
      rspec-support (~> 3.7.0)
    rspec-rails (3.7.2)
      actionpack (>= 3.0)
      activesupport (>= 3.0)
      railties (>= 3.0)
      rspec-core (~> 3.7.0)
      rspec-expectations (~> 3.7.0)
      rspec-mocks (~> 3.7.0)
      rspec-support (~> 3.7.0)
    rspec-support (3.7.1)
    sass (3.5.6)
      sass-listen (~> 4.0.0)
    sass-listen (4.0.0)
      rb-fsevent (~> 0.9, >= 0.9.4)
      rb-inotify (~> 0.9, >= 0.9.7)
    sass-rails (5.0.7)
      railties (>= 4.0.0, < 6)
      sass (~> 3.1)
      sprockets (>= 2.8, < 4.0)
      sprockets-rails (>= 2.0, < 4.0)
      tilt (>= 1.1, < 3)
    searchkick (2.5.0)
      activemodel (>= 4.1)
      elasticsearch (>= 1)
      hashie
    signet (0.8.1)
      addressable (~> 2.3)
      faraday (~> 0.9)
      jwt (>= 1.5, < 3.0)
      multi_json (~> 1.10)
    spring (2.0.2)
      activesupport (>= 4.2)
    sprockets (3.7.1)
      concurrent-ruby (~> 1.0)
      rack (> 1, < 3)
    sprockets-rails (3.2.1)
      actionpack (>= 4.0)
      activesupport (>= 4.0)
      sprockets (>= 3.0.0)
    thor (0.20.0)
    thread_safe (0.3.6)
    tilt (2.0.8)
    tzinfo (1.2.5)
      thread_safe (~> 0.1)
    uber (0.1.0)
    uglifier (4.1.10)
      execjs (>= 0.3.0, < 3)
    unf (0.1.4)
      unf_ext
    unf_ext (0.0.7.5)
    vegas (0.1.11)
      rack (>= 1.0.0)
    web-console (3.6.2)
      actionview (>= 5.0)
      activemodel (>= 5.0)
      bindex (>= 0.4.0)
      railties (>= 5.0)
    websocket-driver (0.6.5)
      websocket-extensions (>= 0.1.0)
    websocket-extensions (0.1.3)
    xpath (3.0.0)
      nokogiri (~> 1.8)

PLATFORMS
  ruby

DEPENDENCIES
  actionpack (~> 5.0.2)
  actionview (~> 5.0.2)
  activejob (~> 5.0.2)
  activerecord (~> 5.0.2)
  activesupport (~> 5.0.2)
  aws-sdk (~> 2)
  bcrypt (~> 3.1.7)
  brightcove-api (~> 1.0.12)
  byebug
  capybara (~> 2.18.0)
  cocaine (= 0.5.8)
  dotenv-rails
  ember-cli-rails
  factory_girl (~> 4.8.0)
  fakeweb (~> 1.3.0)
  faraday (~> 0.9.2)
  faraday_middleware (~> 0.9.0)
  google-api-client (~> 0.21.1)
  jbuilder (~> 2.5)
  jwt (~> 1.5)
  kaminari (~> 0.14.1)
  knock
  launchy (>= 2.1.1)
  mini_exiftool (~> 2.8.0)
  mysql2 (>= 0.3.18, < 0.5)
  paperclip (= 5.2.1)
  photographic_memory!
  puma
  rails-controller-testing
  railties (~> 5.0.2)
  responders (~> 2.3.0)
  resque (~> 1.27.2)
  rspec (>= 3.6.0.beta2)
  rspec-its (~> 1.2.0)
  rspec-rails (>= 3.6.0.beta2)
  sass-rails (~> 5.0)
  searchkick (~> 2.5.0)
  sinatra!
  spring (~> 2.0.1)
  sprockets-rails (~> 3.2.0)
  uglifier (>= 1.3.0)
  web-console (>= 3.3.0)

BUNDLED WITH
   1.12.5
